GEM
  remote: https://rubygems.org/
  remote: https://repo.fury.io/owSAzaeDqzSGDNEwiSEA/trackif/
  specs:
    activesupport (4.2.10)
      i18n (~> 0.7)
      minitest (~> 5.1)
      thread_safe (~> 0.3, >= 0.3.4)
      tzinfo (~> 1.1)
    addressable (2.5.2)
      public_suffix (>= 2.0.2, < 4.0)
    ast (2.4.0)
    aws-sdk (2.11.58)
      aws-sdk-resources (= 2.11.58)
    aws-sdk-core (2.11.58)
      aws-sigv4 (~> 1.0)
      jmespath (~> 1.0)
    aws-sdk-resources (2.11.58)
      aws-sdk-core (= 2.11.58)
    aws-sigv4 (1.0.2)
    bson (4.3.0)
    byebug (10.0.2)
    chronic (0.10.2)
    climate_control (0.2.0)
    cocaine (0.6.0)
      terrapin (= 0.6.0)
    concurrent-ruby (1.0.5)
    connection_pool (2.2.2)
    css_parser (1.6.0)
      addressable
    database_cleaner (1.7.0)
    diff-lcs (1.3)
    docile (1.3.1)
    factory_girl (4.9.0)
      activesupport (>= 3.0.0)
    fakeredis (0.7.0)
      redis (>= 3.2, < 5.0)
    faraday (0.9.2)
      multipart-post (>= 1.2, < 3)
    faraday-http-cache (0.4.2)
      faraday (~> 0.8)
    faraday_middleware (0.9.2)
      faraday (>= 0.7.4, < 0.10)
    fluent-logger (0.7.2)
      msgpack (>= 1.0.0, < 2)
    htmlentities (4.3.4)
    i18n (0.7.0)
    jmespath (1.4.0)
    json (2.1.0)
    json-schema (2.8.0)
      addressable (>= 2.4)
    log-streamer (0.0.19)
      fluent-logger (>= 0.5.1, < 1.0)
      rack
    metaclass (0.0.4)
    minitest (5.11.3)
    minitest-around (0.4.1)
      minitest (~> 5.0)
    mocha (1.5.0)
      metaclass (~> 0.0.1)
    monetize (1.4.0)
      money (~> 6.7)
    money (6.7.1)
      i18n (>= 0.6.4, <= 0.7.0)
      sixarm_ruby_unaccent (>= 1.1.1, < 2)
    mongo (2.5.3)
      bson (>= 4.3.0, < 5.0.0)
    msgpack (1.2.4)
    multi_json (1.10.1)
    multipart-post (2.0.0)
    oj (2.18.5)
    parallel (1.12.1)
    parser (2.5.1.0)
      ast (~> 2.4.0)
    pg (0.21.0)
    phony (2.16.3)
    powerpack (0.1.1)
    premailer (1.11.1)
      addressable
      css_parser (>= 1.6.0)
      htmlentities (>= 4.0.0)
    public_suffix (3.0.2)
    puma (3.11.4)
    rack (1.6.10)
    rack-protection (1.5.5)
      rack
    rack-test (1.0.0)
      rack (>= 1.0, < 3)
    rainbow (3.0.0)
    rake (11.3.0)
    rdoc (4.3.0)
    redis (3.3.5)
    redis-activesupport (4.1.5)
      activesupport (>= 3, < 5)
      redis-store (~> 1.1.0)
    redis-store (1.1.7)
      redis (>= 2.2)
    rspec (3.7.0)
      rspec-core (~> 3.7.0)
      rspec-expectations (~> 3.7.0)
      rspec-mocks (~> 3.7.0)
    rspec-core (3.7.1)
      rspec-support (~> 3.7.0)
    rspec-expectations (3.7.0)
      diff-lcs (>= 1.2.0, < 2.0)
      rspec-support (~> 3.7.0)
    rspec-mocks (3.7.0)
      diff-lcs (>= 1.2.0, < 2.0)
      rspec-support (~> 3.7.0)
    rspec-support (3.7.1)
    rubocop (0.56.0)
      parallel (~> 1.10)
      parser (>= 2.5)
      powerpack (~> 0.1)
      rainbow (>= 2.2.2, < 4.0)
      ruby-progressbar (~> 1.7)
      unicode-display_width (~> 1.0, >= 1.0.1)
    ruby-progressbar (1.9.0)
    sequel (4.49.0)
    sequel-paranoid (0.7.0)
      sequel
    shotgun (0.9.2)
      rack (>= 1.0)
    sidekiq (5.1.3)
      concurrent-ruby (~> 1.0)
      connection_pool (~> 2.2, >= 2.2.0)
      rack-protection (>= 1.5.0)
      redis (>= 3.3.5, < 5)
    simplecov (0.16.1)
      docile (~> 1.1)
      json (>= 1.8, < 3)
      simplecov-html (~> 0.10.0)
    simplecov-html (0.10.2)
    sinatra (1.4.8)
      rack (~> 1.5)
      rack-protection (~> 1.4)
      tilt (>= 1.3, < 3)
    sixarm_ruby_unaccent (1.2.0)
    sqlite3 (1.3.13)
    terrapin (0.6.0)
      climate_control (>= 0.0.3, < 1.0)
    thread_safe (0.3.6)
    tilt (2.0.8)
    trackif-json-schema (0.1.6)
      aws-sdk
      json-schema (~> 2.6)
    trackif-models (0.1.0)
      mongo (~> 2.2)
      sequel (~> 4.29)
      sequel-paranoid (~> 0.6)
    trackif_api (1.12.2)
      activesupport
      faraday (~> 0.9.0)
      faraday-http-cache (~> 0.4.0)
      faraday_middleware (~> 0.9.0)
      monetize (~> 1.4.0)
      money (~> 6.7.1)
      multi_json (~> 1.10.0)
      oj (>= 2.9.9, < 3.0)
    trackif_microservices (1.6.0)
      aws-sdk
      connection_pool
      rack
      redis
      sidekiq
    tzinfo (1.2.5)
      thread_safe (~> 0.1)
    unicode-display_width (1.3.3)

PLATFORMS
  ruby

DEPENDENCIES
  activesupport (~> 4.1)
  aws-sdk (~> 2.3)
  byebug
  chronic (~> 0.10)
  cocaine (~> 0.5)
  database_cleaner
  factory_girl
  fakeredis
  faraday (~> 0.9)
  faraday-http-cache (~> 0.4)
  log-streamer (~> 0.0.18)
  minitest
  minitest-around
  mocha
  mongo (~> 2.2)
  multi_json (~> 1.0)
  pg (~> 0.18)
  phony (~> 2.15)
  premailer (~> 1.8)
  puma (~> 3.6)
  rack-test
  rake (~> 11.1)
  rdoc (~> 4.2)
  redis (~> 3.0)
  redis-activesupport (~> 4.1)
  rspec
  rubocop
  sequel (~> 4.32)
  sequel-paranoid (~> 0.6)
  shotgun
  simplecov
  sinatra (~> 1.4)
  sqlite3
  trackif-json-schema
  trackif-models (~> 0.1)
  trackif_api (~> 1.10)
  trackif_microservices (~> 1.5)

BUNDLED WITH
   1.15.3
